PATH
  remote: .
  specs:
    socket.io-client-simple (0.0.1)
      httparty
      websocket-client-simple

GEM
  remote: https://rubygems.org/
  specs:
    event_emitter (0.2.5)
    httparty (0.12.0)
      json (~> 1.8)
      multi_xml (>= 0.5.2)
    json (1.8.1)
    multi_xml (0.5.5)
    rake (10.1.1)
    websocket (1.1.2)
    websocket-client-simple (0.0.5)
      event_emitter
      websocket

PLATFORMS
  ruby

DEPENDENCIES
  bundler (~> 1.3)
  rake
  socket.io-client-simple!
